GEM
  remote: https://rubygems.org/
  specs:
    activesupport (5.2.1)
      concurrent-ruby (~> 1.0, >= 1.0.2)
      i18n (>= 0.7, < 2)
      minitest (~> 5.1)
      tzinfo (~> 1.1)
    ast (2.4.0)
    binding_of_caller (0.8.0)
      debug_inspector (>= 0.0.1)
    concurrent-ruby (1.0.5)
    debug_inspector (0.0.3)
    diff-lcs (1.3)
    docile (1.1.5)
    factory_bot (4.11.1)
      activesupport (>= 3.0.0)
    i18n (1.1.0)
      concurrent-ruby (~> 1.0)
    json (2.1.0)
    metaclass (0.0.4)
    minitest (5.11.3)
    mocha (1.3.0)
      metaclass (~> 0.0.1)
    parallel (1.12.1)
    parallel_tests (2.21.3)
      parallel
    parser (2.4.0.2)
      ast (~> 2.3)
    powerpack (0.1.1)
    rainbow (3.0.0)
    rake (12.3.0)
    rspec (3.7.0)
      rspec-core (~> 3.7.0)
      rspec-expectations (~> 3.7.0)
      rspec-mocks (~> 3.7.0)
    rspec-core (3.7.1)
      rspec-support (~> 3.7.0)
    rspec-expectations (3.7.0)
      diff-lcs (>= 1.2.0, < 2.0)
      rspec-support (~> 3.7.0)
    rspec-mocks (3.7.0)
      diff-lcs (>= 1.2.0, < 2.0)
      rspec-support (~> 3.7.0)
    rspec-support (3.7.0)
    rubocop (0.52.1)
      parallel (~> 1.10)
      parser (>= 2.4.0.2, < 3.0)
      powerpack (~> 0.1)
      rainbow (>= 2.2.2, < 4.0)
      ruby-progressbar (~> 1.7)
      unicode-display_width (~> 1.0, >= 1.0.1)
    ruby-progressbar (1.9.0)
    simplecov (0.15.1)
      docile (~> 1.1.0)
      json (>= 1.8, < 3)
      simplecov-html (~> 0.10.0)
    simplecov-html (0.10.2)
    thread_safe (0.3.6)
    tzinfo (1.2.5)
      thread_safe (~> 0.1)
    unicode-display_width (1.3.0)

PLATFORMS
  ruby

DEPENDENCIES
  binding_of_caller
  factory_bot (~> 4.0)
  mocha
  parallel_tests
  rake
  rspec
  rubocop
  simplecov

BUNDLED WITH
   1.16.2
